GEM
  remote: https://rubygems.org/
  specs:
    byebug (11.1.3)
    thor (1.3.2)

PLATFORMS
  arm64-darwin-22
  ruby

DEPENDENCIES
  byebug (~> 11.1)
  thor (~> 1.3)

BUNDLED WITH
   2.5.22
